GEM
  remote: https://rubygems.org/
  specs:
    chunky_png (1.4.0)
    strings-ansi (0.2.0)
    thread (0.2.2)
    tty-cursor (0.7.1)
    tty-progressbar (0.18.2)
      strings-ansi (~> 0.2)
      tty-cursor (~> 0.7)
      tty-screen (~> 0.8)
      unicode-display_width (>= 1.6, < 3.0)
    tty-screen (0.8.1)
    unicode-display_width (2.0.0)

PLATFORMS
  x86_64-darwin-20
  x86_64-linux

DEPENDENCIES
  chunky_png (~> 1.4)
  thread (~> 0.2.2)
  tty-progressbar (~> 0.18.2)

BUNDLED WITH
   2.2.23
